GEM
  remote: http://rubygems.org/
  specs:
    commonjs (0.2.6)
    ffi (1.9.0)
    guard (1.4.0)
      listen (>= 0.4.2)
      thor (>= 0.14.6)
    guard-handlebars (0.0.3)
      guard (>= 0.4)
    guard-less (0.1.2)
      guard (>= 0.2.2)
      less (~> 2.1.0)
    less (2.1.0)
      commonjs (~> 0.2.0)
      therubyracer (~> 0.10.0)
    libv8 (3.3.10.4)
    listen (0.5.3)
    rb-fsevent (0.9.1)
    rb-inotify (0.8.8)
      ffi (>= 0.5.0)
    therubyracer (0.10.2)
      libv8 (~> 3.3.10)
    thor (0.16.0)

PLATFORMS
  ruby

DEPENDENCIES
  guard
  guard-handlebars
  guard-less
  rb-fsevent
  rb-inotify (~> 0.8.8)
